PATH
  remote: .
  specs:
    vodoo (0.0.1b)
      chronic

GEM
  remote: http://rubygems.org/
  specs:
    awesome_print (0.4.0)
    chronic (0.6.4)
    diff-lcs (1.1.3)
    rspec (2.6.0)
      rspec-core (~> 2.6.0)
      rspec-expectations (~> 2.6.0)
      rspec-mocks (~> 2.6.0)
    rspec-core (2.6.4)
    rspec-expectations (2.6.0)
      diff-lcs (~> 1.1.2)
    rspec-mocks (2.6.0)

PLATFORMS
  ruby

DEPENDENCIES
  awesome_print
  rspec
  vodoo!
